GEM
  remote: https://rubygems.org/
  specs:
    minitest (5.22.3)

PLATFORMS
  arm64-darwin-22

DEPENDENCIES
  minitest

BUNDLED WITH
   2.4.14
